GEM
  remote: https://rubygems.org/
  specs:
    active_record_upsert (0.7.0)
      activerecord (>= 5.0, < 5.2)
      arel (> 7.0, < 9.0)
      pg (~> 0.18)
    activemodel (5.1.3)
      activesupport (= 5.1.3)
    activerecord (5.1.3)
      activemodel (= 5.1.3)
      activesupport (= 5.1.3)
      arel (~> 8.0)
    activesupport (5.1.3)
      concurrent-ruby (~> 1.0, >= 1.0.2)
      i18n (~> 0.7)
      minitest (~> 5.1)
      tzinfo (~> 1.1)
    arel (8.0.0)
    concurrent-ruby (1.0.5)
    i18n (0.8.6)
    mini_portile2 (2.1.0)
    minitest (5.10.3)
    nokogiri (1.6.8.1)
      mini_portile2 (~> 2.1.0)
    pandata (2.0.0)
      nokogiri (~> 1.6.7)
      ruby-progressbar (~> 1.5.1)
    pg (0.21.0)
    ruby-progressbar (1.5.1)
    thread_safe (0.3.6)
    tzinfo (1.2.3)
      thread_safe (~> 0.1)

PLATFORMS
  ruby

DEPENDENCIES
  active_record_upsert
  activerecord
  pandata
  pg

BUNDLED WITH
   1.14.6
